GEM
  remote: https://rubygems.org/
  specs:
    coderay (1.1.3)
    damerau-levenshtein (1.3.3)
    diff-lcs (1.4.4)
    docile (1.4.0)
    memory_profiler (1.0.0)
    method_source (1.0.0)
    nokogiri (1.11.7-x64-mingw32)
      racc (~> 1.4)
    pathname-glob (0.1.20170628)
    pry (0.14.1)
      coderay (~> 1.1)
      method_source (~> 1.0)
    racc (1.5.2)
    rake (13.0.3)
    rspec (3.10.0)
      rspec-core (~> 3.10.0)
      rspec-expectations (~> 3.10.0)
      rspec-mocks (~> 3.10.0)
    rspec-core (3.10.1)
      rspec-support (~> 3.10.0)
    rspec-expectations (3.10.1)
      diff-lcs (>= 1.2.0, < 2.0)
      rspec-support (~> 3.10.0)
    rspec-mocks (3.10.2)
      diff-lcs (>= 1.2.0, < 2.0)
      rspec-support (~> 3.10.0)
    rspec-support (3.10.2)
    simplecov (0.21.2)
      docile (~> 1.1)
      simplecov-html (~> 0.11)
      simplecov_json_formatter (~> 0.1)
    simplecov-html (0.12.3)
    simplecov_json_formatter (0.1.3)

PLATFORMS
  x64-mingw32

DEPENDENCIES
  damerau-levenshtein
  memory_profiler
  nokogiri
  pathname-glob
  pry
  rake
  rspec
  simplecov

RUBY VERSION
   ruby 2.7.3p183

BUNDLED WITH
   2.1.4
